PATH
  remote: .
  specs:
    logger_facade (0.3.2)
      airbrake (~> 4.0)
      hashie (~> 3.2)
      sucker_punch (~> 1.1)
      yajl-ruby (~> 1.2)

GEM
  remote: https://rubygems.org/
  specs:
    airbrake (4.1.0)
      builder
      multi_json
    builder (3.2.2)
    bump (0.5.1)
    celluloid (0.16.0)
      timers (~> 4.0.0)
    codeclimate-test-reporter (0.4.6)
      simplecov (>= 0.7.1, < 1.0.0)
    coderay (1.1.0)
    diff-lcs (1.2.5)
    docile (1.1.5)
    hashie (3.4.0)
    hitimes (1.2.2)
    method_source (0.8.2)
    multi_json (1.10.1)
    pry (0.10.1)
      coderay (~> 1.1.0)
      method_source (~> 0.8.1)
      slop (~> 3.4)
    rack (1.6.0)
    rake (10.4.2)
    rspec (3.2.0)
      rspec-core (~> 3.2.0)
      rspec-expectations (~> 3.2.0)
      rspec-mocks (~> 3.2.0)
    rspec-core (3.2.0)
      rspec-support (~> 3.2.0)
    rspec-expectations (3.2.0)
      diff-lcs (>= 1.2.0, < 2.0)
      rspec-support (~> 3.2.0)
    rspec-mocks (3.2.0)
      diff-lcs (>= 1.2.0, < 2.0)
      rspec-support (~> 3.2.0)
    rspec-support (3.2.1)
    simplecov (0.9.2)
      docile (~> 1.1.0)
      multi_json (~> 1.0)
      simplecov-html (~> 0.9.0)
    simplecov-html (0.9.0)
    slop (3.6.0)
    sucker_punch (1.3.2)
      celluloid (~> 0.16.0)
    timers (4.0.1)
      hitimes
    yajl-ruby (1.2.1)

PLATFORMS
  ruby

DEPENDENCIES
  bump (~> 0.5)
  bundler (~> 1.6)
  codeclimate-test-reporter (~> 0.3)
  logger_facade!
  pry (~> 0.10)
  rack (~> 1.6)
  rake (~> 10.3)
  rspec (~> 3.0)
  simplecov (~> 0.9)
